PATH
  remote: .
  specs:
    json_api_model (0.5.0)
      activesupport
      json_api_client

GEM
  remote: https://rubygems.org/
  specs:
    activemodel (6.1.3.2)
      activesupport (= 6.1.3.2)
    activesupport (6.1.3.2)
      concurrent-ruby (~> 1.0, >= 1.0.2)
      i18n (>= 1.6, < 2)
      minitest (>= 5.1)
      tzinfo (~> 2.0)
      zeitwerk (~> 2.3)
    addressable (2.7.0)
      public_suffix (>= 2.0.2, < 5.0)
    concurrent-ruby (1.1.9)
    crack (0.4.3)
      safe_yaml (~> 1.0.0)
    docile (1.3.1)
    faraday (1.1.0)
      multipart-post (>= 1.2, < 3)
      ruby2_keywords
    faraday_middleware (1.0.0)
      faraday (~> 1.0)
    hashdiff (0.3.7)
    i18n (1.8.10)
      concurrent-ruby (~> 1.0)
    json (2.1.0)
    json_api_client (1.18.0)
      activemodel (>= 3.2.0)
      activesupport (>= 3.2.0)
      addressable (~> 2.2)
      faraday (>= 0.15.2, < 1.2.0)
      faraday_middleware (>= 0.9.0, < 1.2.0)
      rack (>= 0.2)
    minitest (5.11.3)
    multipart-post (2.1.1)
    public_suffix (4.0.6)
    rack (2.2.3)
    rake (10.5.0)
    ruby2_keywords (0.0.4)
    safe_yaml (1.0.4)
    simplecov (0.16.1)
      docile (~> 1.1)
      json (>= 1.8, < 3)
      simplecov-html (~> 0.10.0)
    simplecov-html (0.10.2)
    tzinfo (2.0.4)
      concurrent-ruby (~> 1.0)
    webmock (3.4.2)
      addressable (>= 2.3.6)
      crack (>= 0.3.2)
      hashdiff
    zeitwerk (2.4.2)

PLATFORMS
  ruby

DEPENDENCIES
  bundler (~> 1.16)
  json_api_model!
  minitest (~> 5.0)
  rake (~> 10.0)
  simplecov
  webmock

BUNDLED WITH
   1.16.1
